PATH
  remote: .
  specs:
    furnace-avm2 (0.0.1)
      furnace
      trollop

GEM
  remote: http://rubygems.org/
  specs:
    furnace (0.0.3)
    trollop (1.16.2)

PLATFORMS
  ruby

DEPENDENCIES
  furnace-avm2!
