GEM
  remote: http://rubygems.org/
  specs:
    furnace (0.0.1)
    trollop (1.16.2)

PLATFORMS
  java
  ruby

DEPENDENCIES
  furnace
  trollop
