GIT
  remote: git://github.com/whitequark/furnace.git
  revision: 0a8a3004fb9951519b8d958167761b50776de4ec
  specs:
    furnace (0.0.8)

PATH
  remote: .
  specs:
    furnace-avm2 (0.0.9)
      furnace (>= 0.0.8)
      trollop

GEM
  remote: http://rubygems.org/
  specs:
    trollop (1.16.2)

PLATFORMS
  java
  ruby

DEPENDENCIES
  furnace!
  furnace-avm2!
