GIT
  remote: git://github.com/whitequark/furnace.git
  revision: 41bb109ca51d7474c826cc9a59056030dc8f2e6b
  specs:
    furnace (0.0.1)

GEM
  remote: http://rubygems.org/
  specs:
    trollop (1.16.2)

PLATFORMS
  java
  ruby

DEPENDENCIES
  furnace!
  trollop
