GIT
  remote: git://github.com/whitequark/furnace.git
  revision: 139ea6d5434cc2223a02da140926a700323c45a5
  specs:
    furnace (0.0.8)

PATH
  remote: .
  specs:
    furnace-avm2 (0.0.9)
      furnace (>= 0.0.8)
      trollop

GEM
  remote: http://rubygems.org/
  specs:
    trollop (1.16.2)

PLATFORMS
  java
  ruby

DEPENDENCIES
  furnace!
  furnace-avm2!
