GIT
  remote: git://github.com/whitequark/furnace.git
  revision: 4a0c27408ea3abb93328d1cb501a6febd2c78eb2
  specs:
    furnace (0.0.8)

PATH
  remote: .
  specs:
    furnace-avm2 (0.0.9)
      furnace (>= 0.0.8)
      trollop

GEM
  remote: http://rubygems.org/
  specs:
    trollop (1.16.2)

PLATFORMS
  java
  ruby

DEPENDENCIES
  furnace!
  furnace-avm2!
