PATH
  remote: .
  specs:
    furnace-avm2 (0.0.7)
      furnace (>= 0.0.5)
      trollop

GEM
  remote: http://rubygems.org/
  specs:
    furnace (0.0.5)
    trollop (1.16.2)

PLATFORMS
  ruby

DEPENDENCIES
  furnace-avm2!
