PATH
  remote: ../furnace
  specs:
    furnace (0.0.1)

GEM
  remote: http://rubygems.org/
  specs:
    trollop (1.16.2)

PLATFORMS
  java
  ruby

DEPENDENCIES
  furnace!
  trollop
