PATH
  remote: .
  specs:
    furnace-avm2 (0.9.3)
      furnace (>= 0.1.2)
      trollop

GEM
  remote: http://rubygems.org/
  specs:
    coderay (1.0.6)
    furnace (0.1.2)
    method_source (0.7.1)
    pry (0.9.9.6)
      coderay (~> 1.0.5)
      method_source (~> 0.7.1)
      slop (>= 2.4.4, < 3)
    slop (2.4.4)
    trollop (1.16.2)

PLATFORMS
  java
  ruby

DEPENDENCIES
  furnace-avm2!
  pry
