GIT
  remote: git://github.com/whitequark/furnace.git
  revision: cc3b779b1a2398334938b6d4306e9e26fbd0df81
  specs:
    furnace (0.1.0)

PATH
  remote: .
  specs:
    furnace-avm2 (0.9.0)
      furnace (>= 0.1.0)
      trollop

GEM
  remote: http://rubygems.org/
  specs:
    trollop (1.16.2)

PLATFORMS
  java
  ruby

DEPENDENCIES
  furnace!
  furnace-avm2!
